GEM
  remote: https://rubygems.org/
  specs:
    systemu (2.6.5)

PLATFORMS
  x64-mingw32

DEPENDENCIES
  systemu (~> 2.6, >= 2.6.5)

BUNDLED WITH
   2.0.2
